GEM
  remote: https://rubygems.org/
  specs:
    activesupport (6.0.2.1)
      concurrent-ruby (~> 1.0, >= 1.0.2)
      i18n (>= 0.7, < 2)
      minitest (~> 5.1)
      tzinfo (~> 1.1)
      zeitwerk (~> 2.2)
    chrono (0.4.0)
      activesupport
    concurrent-ruby (1.1.6)
    docomoru (0.1.4)
      activesupport
      faraday
      faraday_middleware
      json
      rack
      slop
    dotenv (2.7.5)
    event_emitter (0.2.6)
    eventmachine (1.2.7)
    faraday (0.17.3)
      multipart-post (>= 1.2, < 3)
    faraday_middleware (0.10.1)
      faraday (>= 0.7.4, < 1.0)
    faye-websocket (0.10.9)
      eventmachine (>= 0.12.0)
      websocket-driver (>= 0.5.1)
    ffi (1.12.2)
    i18n (1.8.2)
      concurrent-ruby (~> 1.0)
    ikku (0.1.4)
      natto
    json (2.3.0)
    mem (0.1.5)
    mini_portile2 (2.4.0)
    minitest (5.14.0)
    multi_json (1.14.1)
    multipart-post (2.1.1)
    natto (1.1.2)
      ffi (>= 1.9.0)
    nokogiri (1.10.8)
      mini_portile2 (~> 2.4.0)
    rack (2.2.2)
    rake (13.0.1)
    ruboty (1.3.0)
      activesupport
      bundler
      dotenv
      mem
      slop
    ruboty-cron (1.1.0)
      activesupport
      chrono
      ruboty (>= 0.2.0)
    ruboty-hatena_hotentry (0.0.2)
      nokogiri
      ruboty
    ruboty-kokodeikku (0.0.8)
      ikku (>= 0.1.1)
      ruboty
    ruboty-mecab (0.1.3)
      natto
      ruboty
    ruboty-scorekeeper (1.0.0)
      ruboty
    ruboty-slack_rtm (3.2.1)
      faraday (~> 0.11)
      ruboty (>= 1.1.4)
      slack-api (~> 1.6)
      websocket-client-simple (~> 0.3.0)
    ruboty-talk (0.0.5)
      docomoru (>= 0.0.3)
      ruboty (>= 1.1.0)
    ruboty-twada (2.0.0)
      ruboty
    slack-api (1.6.1)
      faraday (~> 0.11)
      faraday_middleware (~> 0.10.0)
      faye-websocket (~> 0.10.6)
      multi_json (~> 1.0, >= 1.0.3)
    slop (4.8.0)
    thread_safe (0.3.6)
    tzinfo (1.2.6)
      thread_safe (~> 0.1)
    websocket (1.2.8)
    websocket-client-simple (0.3.0)
      event_emitter
      websocket
    websocket-driver (0.7.1)
      websocket-extensions (>= 0.1.0)
    websocket-extensions (0.1.4)
    zeitwerk (2.2.2)

PLATFORMS
  ruby

DEPENDENCIES
  rake
  ruboty-cron
  ruboty-hatena_hotentry
  ruboty-kokodeikku
  ruboty-mecab (>= 0.1.3)
  ruboty-scorekeeper
  ruboty-slack_rtm
  ruboty-talk
  ruboty-twada

RUBY VERSION
   ruby 2.6.5p114

BUNDLED WITH
   1.17.2
